GEM
  remote: https://rubygems.org/
  specs:
    addressable (2.8.6)
      public_suffix (>= 2.0.2, < 6.0)
    base64 (0.2.0)
    cgi (0.4.1)
    charlock_holmes (0.7.7)
    dotenv (2.8.1)
    faraday (2.9.0)
      faraday-net_http (>= 2.0, < 3.2)
    faraday-net_http (3.1.0)
      net-http
    github-linguist (7.28.0)
      cgi
      charlock_holmes (~> 0.7.7)
      mini_mime (~> 1.0)
      rugged (~> 1.0)
    licensee (9.16.1)
      dotenv (~> 2.0)
      octokit (>= 4.20, < 9.0)
      reverse_markdown (>= 1, < 3)
      rugged (>= 0.24, < 2.0)
      thor (>= 0.19, < 2.0)
    mini_mime (1.1.5)
    net-http (0.4.1)
      uri
    nokogiri (1.16.2-x86_64-darwin)
      racc (~> 1.4)
    octokit (8.1.0)
      base64
      faraday (>= 1, < 3)
      sawyer (~> 0.9)
    public_suffix (5.0.4)
    racc (1.7.3)
    reverse_markdown (2.1.1)
      nokogiri
    rugged (1.7.2)
    sawyer (0.9.2)
      addressable (>= 2.3.5)
      faraday (>= 0.17.3, < 3)
    thor (1.3.0)
    uri (0.13.0)

PLATFORMS
  ruby

DEPENDENCIES
  github-linguist
  licensee
  rugged

BUNDLED WITH
   2.5.6
